GEM
  remote: https://rubygems.org/
  specs:
    activesupport (6.1.4.1)
      concurrent-ruby (~> 1.0, >= 1.0.2)
      i18n (>= 1.6, < 2)
      minitest (>= 5.1)
      tzinfo (~> 2.0)
      zeitwerk (~> 2.3)
    concurrent-ruby (1.1.9)
    dogstatsd-ruby (5.3.2)
    ffi (1.15.4)
    i18n (1.8.11)
      concurrent-ruby (~> 1.0)
    king_konf (1.0.0)
    mini_portile2 (2.7.1)
    minitest (5.14.4)
    racecar (2.4.0)
      king_konf (~> 1.0.0)
      rdkafka (~> 0.10.0)
    rake (13.0.6)
    rdkafka (0.10.0)
      ffi (~> 1.9)
      mini_portile2 (~> 2.1)
      rake (>= 12.3)
    tzinfo (2.0.4)
      concurrent-ruby (~> 1.0)
    zeitwerk (2.5.1)

PLATFORMS
  x86_64-darwin-20

DEPENDENCIES
  activesupport
  dogstatsd-ruby
  racecar

BUNDLED WITH
   2.2.25
